GEM
  remote: https://rubygems.org/
  specs:
    concurrent-ruby (1.1.10)
    cpf_utils (1.3.1)
    faker (3.1.0)
      i18n (>= 1.8.11, < 2)
    i18n (1.12.0)
      concurrent-ruby (~> 1.0)

PLATFORMS
  x86_64-linux

DEPENDENCIES
  cpf_utils
  faker

BUNDLED WITH
   2.4.2
